PATH
  remote: .
  specs:
    graphql-result_cache (0.1.8)
      graphql (~> 1.10)

GEM
  remote: https://rubygems.org/
  specs:
    diff-lcs (1.4.4)
    graphql (1.12.19)
    rake (13.0.1)
    rspec (3.10.0)
      rspec-core (~> 3.10.0)
      rspec-expectations (~> 3.10.0)
      rspec-mocks (~> 3.10.0)
    rspec-core (3.10.1)
      rspec-support (~> 3.10.0)
    rspec-expectations (3.10.1)
      diff-lcs (>= 1.2.0, < 2.0)
      rspec-support (~> 3.10.0)
    rspec-mocks (3.10.2)
      diff-lcs (>= 1.2.0, < 2.0)
      rspec-support (~> 3.10.0)
    rspec-support (3.10.3)

PLATFORMS
  ruby

DEPENDENCIES
  bundler (>= 2.2.10)
  graphql-result_cache!
  rake (>= 12.3.3)
  rspec (~> 3.10)

BUNDLED WITH
   2.2.31
