PATH
  remote: .
  specs:
    graphql-result_cache (0.1.7)
      graphql (~> 1.9)

GEM
  remote: https://rubygems.org/
  specs:
    diff-lcs (1.3)
    graphql (1.9.12)
    rake (13.0.1)
    rspec (3.8.0)
      rspec-core (~> 3.8.0)
      rspec-expectations (~> 3.8.0)
      rspec-mocks (~> 3.8.0)
    rspec-core (3.8.2)
      rspec-support (~> 3.8.0)
    rspec-expectations (3.8.4)
      diff-lcs (>= 1.2.0, < 2.0)
      rspec-support (~> 3.8.0)
    rspec-mocks (3.8.1)
      diff-lcs (>= 1.2.0, < 2.0)
      rspec-support (~> 3.8.0)
    rspec-support (3.8.2)

PLATFORMS
  ruby

DEPENDENCIES
  bundler (~> 1.16)
  graphql-result_cache!
  rake (~> 13.0)
  rspec (~> 3.0)

BUNDLED WITH
   1.17.3
